GIT
  remote: https://github.com/hakobera/fluent-plugin-heroku-syslog.git
  revision: 2499b9320a554ce349a7501a0c290d68883adc81
  branch: feature/support-http-drains
  specs:
    fluent-plugin-heroku-syslog (0.0.1)
      fluentd (>= 0.10.53)

GEM
  remote: http://rubygems.org/
  specs:
    concurrent-ruby (1.1.9)
    cool.io (1.3.0)
    fluentd (0.10.59)
      cool.io (>= 1.1.1, < 2.0.0, != 1.2.0)
      http_parser.rb (>= 0.5.1, < 0.7.0)
      json (>= 1.4.3)
      msgpack (>= 0.4.4, < 0.6.0, != 0.5.3, != 0.5.2, != 0.5.1, != 0.5.0)
      sigdump (~> 0.2.2)
      tzinfo (>= 1.0.0)
      tzinfo-data (>= 1.0.0)
      yajl-ruby (~> 1.0)
    http_parser.rb (0.6.0)
    json (1.8.2)
    msgpack (0.5.10)
    sigdump (0.2.2)
    tzinfo (2.0.6)
      concurrent-ruby (~> 1.0)
    tzinfo-data (1.2015.1)
      tzinfo (>= 1.0.0)
    yajl-ruby (1.2.1)

PLATFORMS
  ruby

DEPENDENCIES
  fluent-plugin-heroku-syslog!
  fluentd (~> 0.10.53)
